GEM
  remote: https://rubygems.org/
  specs:
    rails (8.0.0)
    sqlite3 (2.1.0)
    pg (1.5.4)
    puma (6.4.0)
    bootsnap (1.17.0)
    rack-cors (2.0.1)
    jbuilder (2.11.5)
    jwt (2.7.1)
    bcrypt (3.1.20)

PLATFORMS
  x86_64-linux

DEPENDENCIES
  rails (~> 8.0.0)
  sqlite3 (~> 2.1)
  pg (~> 1.1)
  puma (>= 5.0)
  bootsnap
  rack-cors
  jbuilder
  jwt
  bcrypt

RUBY VERSION
   ruby 3.2.2p53

BUNDLED WITH
   2.5.3